GEM
  remote: https://rubygems.org/
  specs:
    minitest (5.0.8)
    terminal-table (1.4.5)

PLATFORMS
  ruby

DEPENDENCIES
  bundler
  minitest
  terminal-table
